PATH
  remote: .
  specs:
    kustomizer (0.1.6)
      accessory (~> 0.1.9)
      base32-multi

GEM
  remote: https://rubygems.org/
  specs:
    accessory (0.1.10)
    base32-multi (0.1.1)
    diff-lcs (1.4.4)
    rake (13.0.3)
    rspec (3.10.0)
      rspec-core (~> 3.10.0)
      rspec-expectations (~> 3.10.0)
      rspec-mocks (~> 3.10.0)
    rspec-core (3.10.1)
      rspec-support (~> 3.10.0)
    rspec-expectations (3.10.1)
      diff-lcs (>= 1.2.0, < 2.0)
      rspec-support (~> 3.10.0)
    rspec-mocks (3.10.1)
      diff-lcs (>= 1.2.0, < 2.0)
      rspec-support (~> 3.10.0)
    rspec-support (3.10.1)

PLATFORMS
  x86_64-darwin-20

DEPENDENCIES
  kustomizer!
  rake (~> 13.0)
  rspec (~> 3.0)

BUNDLED WITH
   2.2.7
